PATH
  remote: .
  specs:
    extraction_metadata_changes (0.0.1a)
      extraction_token_util (~> 0.0.3a11)
      google_hash (~> 0.9)

GEM
  remote: https://rubygems.org/
  specs:
    activesupport (7.0.3.1)
      concurrent-ruby (~> 1.0, >= 1.0.2)
      i18n (>= 1.6, < 2)
      minitest (>= 5.1)
      tzinfo (~> 2.0)
    ast (2.4.0)
    byebug (11.1.1)
    concurrent-ruby (1.1.10)
    diff-lcs (1.3)
    extraction_token_util (0.0.3a12)
    factory_bot (5.1.1)
      activesupport (>= 4.2.0)
    google_hash (0.9.0)
      sane (~> 0)
    i18n (1.12.0)
      concurrent-ruby (~> 1.0)
    jaro_winkler (1.5.4)
    minitest (5.16.2)
    os (0.9.6)
    parallel (1.19.1)
    parser (2.7.0.2)
      ast (~> 2.4.0)
    rainbow (3.0.0)
    rexml (3.2.4)
    rspec (3.9.0)
      rspec-core (~> 3.9.0)
      rspec-expectations (~> 3.9.0)
      rspec-mocks (~> 3.9.0)
    rspec-core (3.9.1)
      rspec-support (~> 3.9.1)
    rspec-expectations (3.9.0)
      diff-lcs (>= 1.2.0, < 2.0)
      rspec-support (~> 3.9.0)
    rspec-mocks (3.9.1)
      diff-lcs (>= 1.2.0, < 2.0)
      rspec-support (~> 3.9.0)
    rspec-support (3.9.2)
    rubocop (0.80.0)
      jaro_winkler (~> 1.5.1)
      parallel (~> 1.10)
      parser (>= 2.7.0.1)
      rainbow (>= 2.2.2, < 4.0)
      rexml
      ruby-progressbar (~> 1.7)
      unicode-display_width (>= 1.4.0, < 1.7)
    rubocop-rspec (1.38.1)
      rubocop (>= 0.68.1)
    ruby-progressbar (1.10.1)
    sane (0.25.8)
      os (~> 0)
    tzinfo (2.0.5)
      concurrent-ruby (~> 1.0)
    unicode-display_width (1.6.1)

PLATFORMS
  ruby

DEPENDENCIES
  byebug (~> 11)
  extraction_metadata_changes!
  factory_bot (~> 5)
  rspec (~> 3)
  rubocop (~> 0.80)
  rubocop-rspec (~> 1.38)

BUNDLED WITH
   2.1.4
